GIT
  remote: git://github.com/13um45/random_restaurant_selector.git
  revision: b3f3720021f1c2dbd8f31ceedef24a214a65b9a5
  specs:
    random_restaurant_selector (0.1.0)
      httparty (~> 0.15.6)

GEM
  remote: https://rubygems.org/
  specs:
    httparty (0.15.6)
      multi_xml (>= 0.5.2)
    multi_xml (0.6.0)
    mustermann (1.0.1)
    rack (2.0.3)
    rack-protection (2.0.0)
      rack
    sinatra (2.0.0)
      mustermann (~> 1.0)
      rack (~> 2.0)
      rack-protection (= 2.0.0)
      tilt (~> 2.0)
    tilt (2.0.8)

PLATFORMS
  ruby

DEPENDENCIES
  random_restaurant_selector!
  sinatra

RUBY VERSION
   ruby 2.3.5p376

BUNDLED WITH
   1.15.4
